GEM
  remote: https://rubygems.org/
  specs:
    bson (1.8.6)
    coderay (1.0.9)
    method_source (0.8.1)
    mime-types (1.21)
    mongo (1.8.6)
      bson (~> 1.8.6)
    pry (0.9.12.2)
      coderay (~> 1.0.5)
      method_source (~> 0.8)
      slop (~> 3.4)
    rack (1.5.2)
    rack-protection (1.5.0)
      rack
    rest-client (1.6.7)
      mime-types (>= 1.16)
    sinatra (1.4.2)
      rack (~> 1.5, >= 1.5.2)
      rack-protection (~> 1.4)
      tilt (~> 1.3, >= 1.3.4)
    sinatra-cross_origin (0.2.0)
    slop (3.4.5)
    tilt (1.4.1)

PLATFORMS
  ruby

DEPENDENCIES
  mongo
  pry
  rest-client
  sinatra
  sinatra-cross_origin
